GEM
  remote: https://rubygems.org/
  specs:
    faraday (0.17.3)
      multipart-post (>= 1.2, < 3)
    faraday_middleware (0.14.0)
      faraday (>= 0.7.4, < 1.0)
    multipart-post (2.1.1)
    thor (0.20.3)

PLATFORMS
  x86_64-darwin-18

DEPENDENCIES
  faraday
  faraday_middleware
  thor

BUNDLED WITH
   2.2.5
